GEM
  remote: https://rubygems.org/
  specs:
    concurrent-ruby (1.0.4)
    daemons (1.2.4)
    dry-auto_inject (0.4.1)
      dry-container (>= 0.3.4)
    dry-configurable (0.1.7)
      concurrent-ruby (~> 1.0)
    dry-container (0.4.0)
      concurrent-ruby (~> 1.0)
      dry-configurable (~> 0.1, >= 0.1.3)
    eventmachine (1.2.0.1)
    rack (1.6.5)
    rack-protection (1.5.3)
      rack
    redis (3.3.1)
    sinatra (1.4.8)
      rack (~> 1.5)
      rack-protection (~> 1.4)
      tilt (>= 1.3, < 3)
    thin (1.7.0)
      daemons (~> 1.0, >= 1.0.9)
      eventmachine (~> 1.0, >= 1.0.4)
      rack (>= 1, < 3)
    tilt (2.0.6)

PLATFORMS
  ruby

DEPENDENCIES
  dry-auto_inject
  dry-container
  redis
  sinatra
  thin

BUNDLED WITH
   1.13.6
